GEM
  remote: https://rubygems.org/
  specs:
    byebug (11.1.3)
    coderay (1.1.3)
    debugger-ruby_core_source (1.3.8)
    erubi (1.7.1)
    method_source (1.0.0)
    multi_json (1.15.0)
    mustermann (3.0.0)
      ruby2_keywords (~> 0.0.1)
    mysql2 (0.5.2)
    mysql2-cs-bind (0.0.7)
      mysql2
    pry (0.13.1)
      coderay (~> 1.1)
      method_source (~> 1.0)
    pry-byebug (3.9.0)
      byebug (~> 11.0)
      pry (~> 0.13.0)
    puma (3.12.0)
    rack (2.2.4)
    rack-lineprof (0.0.4)
      rack (>= 1.5)
      rblineprof (~> 0.3.6)
      term-ansicolor (~> 1.3)
    rack-protection (3.0.4)
      rack
    rblineprof (0.3.7)
      debugger-ruby_core_source (~> 1.3)
    ruby2_keywords (0.0.5)
    sinatra (3.0.4)
      mustermann (~> 3.0)
      rack (~> 2.2, >= 2.2.4)
      rack-protection (= 3.0.4)
      tilt (~> 2.0)
    sinatra-contrib (3.0.4)
      multi_json
      mustermann (~> 3.0)
      rack-protection (= 3.0.4)
      sinatra (= 3.0.4)
      tilt (~> 2.0)
    sync (0.5.0)
    term-ansicolor (1.7.1)
      tins (~> 1.0)
    tilt (2.0.11)
    tins (1.25.0)
      sync

PLATFORMS
  ruby

DEPENDENCIES
  erubi
  mysql2
  mysql2-cs-bind
  pry-byebug
  puma
  rack-lineprof
  sinatra
  sinatra-contrib

BUNDLED WITH
   1.16.6
